PATH
  remote: .
  specs:
    artoo-neurosky (0.0.1)
      artoo (>= 1.6.4)
      mindset

GEM
  remote: http://rubygems.org/
  specs:
    artoo (1.6.4)
      celluloid (~> 0.15)
      celluloid-io (~> 0.15)
      http (~> 0.5)
      multi_json (~> 1.6)
      pry (~> 0.9)
      rake
      reel (~> 0.4)
      robeaux (~> 0.0.4)
      thor (~> 0.18.1)
    celluloid (0.15.2)
      timers (~> 1.1.0)
    celluloid-io (0.15.0)
      celluloid (>= 0.15.0)
      nio4r (>= 0.5.0)
    coderay (1.1.0)
    http (0.5.0)
      http_parser.rb
    http_parser.rb (0.6.0)
    method_source (0.8.2)
    mindset (0.2)
    multi_json (1.9.2)
    nio4r (1.0.0)
    pry (0.9.12.6)
      coderay (~> 1.0)
      method_source (~> 0.8)
      slop (~> 3.4)
    rake (10.2.2)
    reel (0.4.0)
      celluloid (>= 0.15.1)
      celluloid-io (>= 0.15.0)
      http (>= 0.5.0)
      http_parser.rb (>= 0.6.0.beta.2)
      websocket_parser (>= 0.1.4)
    robeaux (0.0.4)
    slop (3.5.0)
    thor (0.18.1)
    timers (1.1.0)
    websocket_parser (0.1.6)

PLATFORMS
  ruby

DEPENDENCIES
  artoo-neurosky!
